PATH
  remote: .
  specs:
    gameday (0.0.1)
      nokogiri (~> 1.5)
      tire (~> 0.5)

GEM
  remote: http://rubygems.org/
  specs:
    activemodel (3.2.13)
      activesupport (= 3.2.13)
      builder (~> 3.0.0)
    activesupport (3.2.13)
      i18n (= 0.6.1)
      multi_json (~> 1.0)
    builder (3.0.4)
    hashr (0.0.22)
    i18n (0.6.1)
    mime-types (1.22)
    multi_json (1.7.2)
    nokogiri (1.5.9)
    rake (10.0.4)
    rest-client (1.6.7)
      mime-types (>= 1.16)
    tire (0.5.5)
      activemodel (>= 3.0)
      activesupport
      hashr (~> 0.0.19)
      multi_json (~> 1.3)
      rake
      rest-client (~> 1.6)

PLATFORMS
  ruby

DEPENDENCIES
  gameday!
  nokogiri
  tire
